GIT
  remote: https://github.com/SierraEnterprises/paperclip.git
  revision: 813e7b420e3b0524f62ba89d5355124c4d3fd541
  specs:
    paperclip (6.1.0)
      activemodel (>= 4.2.0)
      activesupport (>= 4.2.0)
      mime-types
      mimemagic (~> 0.3.0)
      terrapin (~> 0.6.0)

GEM
  remote: https://rubygems.org/
  specs:
    activemodel (7.0.4)
      activesupport (= 7.0.4)
    activesupport (7.0.4)
      concurrent-ruby (~> 1.0, >= 1.0.2)
      i18n (>= 1.6, < 2)
      minitest (>= 5.1)
      tzinfo (~> 2.0)
    climate_control (0.2.0)
    concurrent-ruby (1.1.10)
    i18n (1.12.0)
      concurrent-ruby (~> 1.0)
    mime-types (3.4.1)
      mime-types-data (~> 3.2015)
    mime-types-data (3.2022.0105)
    mimemagic (0.3.10)
      nokogiri (~> 1)
      rake
    minitest (5.16.3)
    nokogiri (1.13.10-x86_64-linux)
      racc (~> 1.4)
    racc (1.6.1)
    rake (13.0.6)
    terrapin (0.6.0)
      climate_control (>= 0.0.3, < 1.0)
    tzinfo (2.0.5)
      concurrent-ruby (~> 1.0)

PLATFORMS
  x86_64-linux

DEPENDENCIES
  paperclip!

BUNDLED WITH
   2.3.7
